PATH
  remote: .
  specs:
    my-example (0.0.1)

GEM
  remote: http://rubygems.org/
  specs:
    rcov (0.9.10)
    rspec (1.3.2)

PLATFORMS
  ruby

DEPENDENCIES
  my-example!
  rcov
  rspec (< 2.0)
